GEM
  remote: https://rubygems.org/
  specs:
    activesupport (3.2.22.1)
      i18n (~> 0.6, >= 0.6.4)
      multi_json (~> 1.0)
    chozo (0.6.1)
      activesupport (>= 3.2.0)
      hashie (>= 2.0.2)
      multi_json (>= 1.3.0)
    extlib (0.9.16)
    hashie (3.4.3)
    highline (1.7.8)
    httpclient (2.2.5)
    i18n (0.7.0)
    json (1.8.3)
    jsonpath (0.5.8)
      multi_json
    multi_json (1.11.2)
    net-scp (1.2.1)
      net-ssh (>= 2.6.5)
    net-ssh (3.0.2)
    nexus_cli (4.1.0)
      activesupport (~> 3.2.0)
      chozo (>= 0.6.0)
      extlib
      highline
      httpclient (= 2.2.5)
      json
      jsonpath
      thor
    rake (10.5.0)
    thor (0.19.1)

PLATFORMS
  ruby

DEPENDENCIES
  net-scp (~> 1.2, >= 1.2.1)
  net-ssh (~> 3.0, >= 3.0.2)
  nexus_cli (~> 4.1)
  rake (~> 10.5)

BUNDLED WITH
   1.10.5
